NUGET
  remote: https://www.nuget.org/api/v2
  specs:
    Newtonsoft.Json (8.0.3)
    YamlDotNet (3.8)
GITHUB
  remote: fsharp/FSharp.Data
  specs:
    src/CommonRuntime/IO.fs (f815de5e8108bb7de25dde75135707719afd8e09)
    src/CommonRuntime/NameUtils.fs (f815de5e8108bb7de25dde75135707719afd8e09)
    src/CommonRuntime/Pluralizer.fs (f815de5e8108bb7de25dde75135707719afd8e09)
    src/CommonRuntime/StructuralTypes.fs (f815de5e8108bb7de25dde75135707719afd8e09)
    src/CommonRuntime/TextConversions.fs (f815de5e8108bb7de25dde75135707719afd8e09)
    src/Json/JsonConversions.fs (f815de5e8108bb7de25dde75135707719afd8e09)
    src/Json/JsonExtensions.fs (f815de5e8108bb7de25dde75135707719afd8e09)
    src/Json/JsonValue.fs (f815de5e8108bb7de25dde75135707719afd8e09)
    src/Net/Http.fs (f815de5e8108bb7de25dde75135707719afd8e09)
    src/Net/UriUtils.fs (f815de5e8108bb7de25dde75135707719afd8e09)
  remote: fsprojects/FSharp.TypeProviders.StarterPack
  specs:
    src/ProvidedTypes.fs (77fda2a5ce7efbcc84011210553924af5ff961b3)
    src/ProvidedTypes.fsi (77fda2a5ce7efbcc84011210553924af5ff961b3)
    src/ProvidedTypesTesting.fs (77fda2a5ce7efbcc84011210553924af5ff961b3)
  remote: fsprojects/FSharp.Configuration
  specs:
    src/FSharp.Configuration/TypeProviders.Helper.fs (6d140317f80114f88792f5c0b25bf58e7088ca50)
GROUP Build
NUGET
  remote: https://www.nuget.org/api/v2
  specs:
    FAKE (4.23)
    FSharp.Compiler.Service (2.0.0.8)
    FSharp.Formatting (2.14)
      FSharp.Compiler.Service (>= 2.0.0.3 < 2.1)
      FSharpVSPowerTools.Core (>= 2.3 < 2.4)
    FSharpVSPowerTools.Core (2.3)
      FSharp.Compiler.Service (>= 2.0.0.3)
    Microsoft.Bcl (1.1.10) - framework: net10, net11, net20, net30, net35, net40, net40-full
      Microsoft.Bcl.Build (>= 1.0.14)
    Microsoft.Bcl.Build (1.0.21) - import_targets: false, framework: net10, net11, net20, net30, net35, net40, net40-full
    Microsoft.Net.Http (2.2.29) - framework: net10, net11, net20, net30, net35, net40, net40-full
      Microsoft.Bcl (>= 1.1.10)
      Microsoft.Bcl.Build (>= 1.0.14)
    Octokit (0.19)
      Microsoft.Net.Http  - framework: net10, net11, net20, net30, net35, net40, net40-full
    SourceLink.Fake (1.1)
GITHUB
  remote: fsharp/FAKE
  specs:
    modules/Octokit/Octokit.fsx (f2214d09beebe85710527900d46f42d1f2ca77b0)
      Octokit
GROUP OWIN
NUGET
  remote: https://www.nuget.org/api/v2
  specs:
    Microsoft.AspNet.WebApi.Client (5.2.3)
      Microsoft.Net.Http (>= 2.2.22) - framework: portable-wp80+win+net45+wp81+wpa81
      Newtonsoft.Json (>= 6.0.4) - framework: >= net45, portable-wp80+win+net45+wp81+wpa81
    Microsoft.AspNet.WebApi.Core (5.2.3)
      Microsoft.AspNet.WebApi.Client (>= 5.2.3)
    Microsoft.AspNet.WebApi.Owin (5.2.3)
      Microsoft.AspNet.WebApi.Core (>= 5.2.3 < 5.3)
      Microsoft.Owin (>= 2.0.2)
      Owin (>= 1.0)
    Microsoft.AspNet.WebApi.OwinSelfHost (5.2.3)
      Microsoft.AspNet.WebApi.Owin (>= 5.2.3 < 5.3)
      Microsoft.Owin.Host.HttpListener (>= 2.0.2)
      Microsoft.Owin.Hosting (>= 2.0.2)
    Microsoft.Bcl (1.1.10) - framework: portable-wp80+win+net45+wp81+wpa81
      Microsoft.Bcl.Build (>= 1.0.14)
    Microsoft.Bcl.Build (1.0.21) - import_targets: false, framework: portable-wp80+win+net45+wp81+wpa81
    Microsoft.Net.Http (2.2.29) - framework: portable-wp80+win+net45+wp81+wpa81
      Microsoft.Bcl (>= 1.1.10)
      Microsoft.Bcl.Build (>= 1.0.14)
    Microsoft.Owin (3.0.1)
      Owin (>= 1.0)
    Microsoft.Owin.Host.HttpListener (3.0.1)
    Microsoft.Owin.Hosting (3.0.1)
      Microsoft.Owin (>= 3.0.1)
      Owin (>= 1.0)
    Newtonsoft.Json (8.0.3) - framework: >= net45, portable-wp80+win+net45+wp81+wpa81
    Owin (1.0)
    Swashbuckle.Core (5.3.2)
      Microsoft.AspNet.WebApi.Core (>= 4.0.20710)

GROUP Test
NUGET
  remote: https://www.nuget.org/api/v2
  specs:
    FSharp.Data (2.2.5)
      Zlib.Portable (>= 1.10) - framework: portable-net40+sl50+wp80+win80
    NUnit (3.2)
    NUnit.Console (3.2.0.1)
      NUnit.ConsoleRunner (3.2)
      NUnit.Extension.NUnitProjectLoader (3.2)
      NUnit.Extension.NUnitV2Driver (3.2)
      NUnit.Extension.NUnitV2ResultWriter (3.2)
      NUnit.Extension.VSProjectLoader (3.2)
    NUnit.ConsoleRunner (3.2)
    NUnit.Extension.NUnitProjectLoader (3.2)
    NUnit.Extension.NUnitV2Driver (3.2)
    NUnit.Extension.NUnitV2ResultWriter (3.2)
    NUnit.Extension.VSProjectLoader (3.2)
    Zlib.Portable (1.11) - framework: portable-net40+sl50+wp80+win80
GITHUB
  remote: fsprojects/FsUnit
  specs:
    src/FsUnit.NUnit/FsUnit.fs (db5644485efee6a228fe3d3f85903a3524b5f32c)