FRAMEWORK: >= NET45
NUGET
  remote: https://www.nuget.org/api/v2
    Newtonsoft.Json (9.0.1)
    YamlDotNet (4.0)
GITHUB
  remote: fsharp/FSharp.Data
    src/CommonRuntime/IO.fs (89d1902db65fec669375069db1c8987e88e16b54)
    src/CommonRuntime/NameUtils.fs (89d1902db65fec669375069db1c8987e88e16b54)
    src/CommonRuntime/Pluralizer.fs (89d1902db65fec669375069db1c8987e88e16b54)
    src/CommonRuntime/StructuralTypes.fs (89d1902db65fec669375069db1c8987e88e16b54)
    src/CommonRuntime/TextConversions.fs (89d1902db65fec669375069db1c8987e88e16b54)
    src/Json/JsonConversions.fs (89d1902db65fec669375069db1c8987e88e16b54)
    src/Json/JsonExtensions.fs (89d1902db65fec669375069db1c8987e88e16b54)
    src/Json/JsonValue.fs (89d1902db65fec669375069db1c8987e88e16b54)
    src/Net/Http.fs (89d1902db65fec669375069db1c8987e88e16b54)
    src/Net/UriUtils.fs (89d1902db65fec669375069db1c8987e88e16b54)
  remote: fsprojects/FSharp.TypeProviders.StarterPack
    src/ProvidedTypes.fs (c50ace31d335b7bcb83b102d2cfd0ce2007ed681)
    src/ProvidedTypes.fsi (c50ace31d335b7bcb83b102d2cfd0ce2007ed681)
    src/ProvidedTypesTesting.fs (c50ace31d335b7bcb83b102d2cfd0ce2007ed681)
  remote: fsprojects/FSharp.Configuration
    src/FSharp.Configuration/TypeProviders.Helper.fs (e7d7bce7439ada291703fe85806ce00d1a898f2d)
GROUP Build
FRAMEWORK: NET45
NUGET
  remote: https://www.nuget.org/api/v2
    DotLiquid (2.0.55)
    FAKE (4.42)
    FSharp.Compiler.Service (2.0.0.6)
    FSharp.Core (4.0.0.1)
    FSharp.Formatting (2.14.4)
      FSharp.Compiler.Service (2.0.0.6)
      FSharpVSPowerTools.Core (>= 2.3 < 2.4)
    FSharpVSPowerTools.Core (2.3)
      FSharp.Compiler.Service (>= 2.0.0.3)
    Octokit (0.23)
    Suave (1.1.3)
      FSharp.Core (>= 3.1.2.5)
GITHUB
  remote: fsharp/FAKE
    modules/Octokit/Octokit.fsx (f3f230ffde29fa370daf7d7be53e872e929dd487)
      Octokit (>= 0.20)
GROUP OWIN
FRAMEWORK: NET45
NUGET
  remote: https://www.nuget.org/api/v2
    FSharp.Core (4.0.0.1)
    Microsoft.AspNet.WebApi.Client (5.2.3)
      Newtonsoft.Json (>= 6.0.4)
    Microsoft.AspNet.WebApi.Core (5.2.3)
      Microsoft.AspNet.WebApi.Client (>= 5.2.3)
    Microsoft.AspNet.WebApi.Owin (5.2.3)
      Microsoft.AspNet.WebApi.Core (>= 5.2.3 < 5.3)
      Microsoft.Owin (>= 2.0.2)
      Owin (>= 1.0)
    Microsoft.AspNet.WebApi.OwinSelfHost (5.2.3)
      Microsoft.AspNet.WebApi.Owin (>= 5.2.3 < 5.3)
      Microsoft.Owin.Host.HttpListener (>= 2.0.2)
      Microsoft.Owin.Hosting (>= 2.0.2)
    Microsoft.Owin (3.0.1)
      Owin (>= 1.0)
    Microsoft.Owin.Host.HttpListener (3.0.1)
    Microsoft.Owin.Hosting (3.0.1)
      Microsoft.Owin (>= 3.0.1)
      Owin (>= 1.0)
    Newtonsoft.Json (9.0.1)
    Owin (1.0)
    Swashbuckle.Core (5.5)
      Microsoft.AspNet.WebApi.Core (>= 4.0.20710)

GROUP Test
FRAMEWORK: NET45
NUGET
  remote: https://www.nuget.org/api/v2
    FSharp.Compiler.Service (8.0)
      System.Collections.Immutable (>= 1.2)
      System.Reflection.Metadata (>= 1.4.1-beta-24227-04)
    FSharp.Data (2.3.2)
    NUnit (3.5)
    NUnit.Console (3.5)
      NUnit.ConsoleRunner (>= 3.5)
      NUnit.Extension.NUnitProjectLoader (>= 3.5)
      NUnit.Extension.NUnitV2Driver (>= 3.5)
      NUnit.Extension.NUnitV2ResultWriter (>= 3.5)
      NUnit.Extension.TeamCityEventListener (>= 1.0.2)
      NUnit.Extension.VSProjectLoader (>= 3.5)
    NUnit.ConsoleRunner (3.5)
    NUnit.Extension.NUnitProjectLoader (3.5)
    NUnit.Extension.NUnitV2Driver (3.5)
    NUnit.Extension.NUnitV2ResultWriter (3.5)
    NUnit.Extension.TeamCityEventListener (1.0.2)
    NUnit.Extension.VSProjectLoader (3.5)
    System.Collections.Immutable (1.3.0-preview1-24530-04)
    System.Reflection.Metadata (1.4.1-preview1-24530-04)
      System.Collections.Immutable (>= 1.3.0-preview1-24530-04)
GITHUB
  remote: fsprojects/FsUnit
    src/FsUnit.NUnit/FsUnitTyped.fs (0f3e39157b43efc71ca7ad6516e7a1f4e9ee0285)