NUGET
  remote: https://www.nuget.org/api/v2
  specs:
    Newtonsoft.Json (8.0.3)
    YamlDotNet (3.8)
GITHUB
  remote: fsharp/FSharp.Data
  specs:
    src/CommonRuntime/IO.fs (63bc6f812abdd653e534ed9c66def8af742365d4)
    src/CommonRuntime/NameUtils.fs (63bc6f812abdd653e534ed9c66def8af742365d4)
    src/CommonRuntime/Pluralizer.fs (63bc6f812abdd653e534ed9c66def8af742365d4)
    src/CommonRuntime/StructuralTypes.fs (63bc6f812abdd653e534ed9c66def8af742365d4)
    src/CommonRuntime/TextConversions.fs (63bc6f812abdd653e534ed9c66def8af742365d4)
    src/Json/JsonConversions.fs (63bc6f812abdd653e534ed9c66def8af742365d4)
    src/Json/JsonExtensions.fs (63bc6f812abdd653e534ed9c66def8af742365d4)
    src/Json/JsonValue.fs (63bc6f812abdd653e534ed9c66def8af742365d4)
    src/Net/Http.fs (63bc6f812abdd653e534ed9c66def8af742365d4)
    src/Net/UriUtils.fs (63bc6f812abdd653e534ed9c66def8af742365d4)
  remote: fsprojects/FSharp.TypeProviders.StarterPack
  specs:
    src/ProvidedTypes.fs (1ec57f583718953ac0e8e6a7023a37217e148f0a)
    src/ProvidedTypes.fsi (1ec57f583718953ac0e8e6a7023a37217e148f0a)
    src/ProvidedTypesTesting.fs (1ec57f583718953ac0e8e6a7023a37217e148f0a)
  remote: fsprojects/FSharp.Configuration
  specs:
    src/FSharp.Configuration/TypeProviders.Helper.fs (9bb41bf9218c0b41a41436fded84debe792a6cdf)
GROUP Build
NUGET
  remote: https://www.nuget.org/api/v2
  specs:
    FAKE (4.28)
    FSharp.Compiler.Service (2.0.0.6)
    FSharp.Formatting (2.14.4)
      FSharp.Compiler.Service (2.0.0.6)
      FSharpVSPowerTools.Core (>= 2.3 < 2.4)
    FSharpVSPowerTools.Core (2.3)
      FSharp.Compiler.Service (>= 2.0.0.3)
    Microsoft.Bcl (1.1.10) - framework: net10, net11, net20, net30, net35, net40, net40-full
      Microsoft.Bcl.Build (>= 1.0.14)
    Microsoft.Bcl.Build (1.0.21) - import_targets: false, framework: net10, net11, net20, net30, net35, net40, net40-full
    Microsoft.Net.Http (2.2.29) - framework: net10, net11, net20, net30, net35, net40, net40-full
      Microsoft.Bcl (>= 1.1.10)
      Microsoft.Bcl.Build (>= 1.0.14)
    Octokit (0.19)
      Microsoft.Net.Http  - framework: net10, net11, net20, net30, net35, net40, net40-full
    SourceLink.Fake (1.1)
GITHUB
  remote: fsharp/FAKE
  specs:
    modules/Octokit/Octokit.fsx (60acb2f035cb39f2bd40a6c58a4de10d915da248)
      Octokit
GROUP OWIN
NUGET
  remote: https://www.nuget.org/api/v2
  specs:
    Microsoft.AspNet.WebApi.Client (5.2.3)
      Microsoft.Net.Http (>= 2.2.22) - framework: portable-wp80+win+net45+wp81+wpa81
      Newtonsoft.Json (>= 6.0.4) - framework: >= net45, portable-wp80+win+net45+wp81+wpa81
    Microsoft.AspNet.WebApi.Core (5.2.3)
      Microsoft.AspNet.WebApi.Client (>= 5.2.3)
    Microsoft.AspNet.WebApi.Owin (5.2.3)
      Microsoft.AspNet.WebApi.Core (>= 5.2.3 < 5.3)
      Microsoft.Owin (>= 2.0.2)
      Owin (>= 1.0)
    Microsoft.AspNet.WebApi.OwinSelfHost (5.2.3)
      Microsoft.AspNet.WebApi.Owin (>= 5.2.3 < 5.3)
      Microsoft.Owin.Host.HttpListener (>= 2.0.2)
      Microsoft.Owin.Hosting (>= 2.0.2)
    Microsoft.Bcl (1.1.10) - framework: portable-wp80+win+net45+wp81+wpa81
      Microsoft.Bcl.Build (>= 1.0.14)
    Microsoft.Bcl.Build (1.0.21) - import_targets: false, framework: portable-wp80+win+net45+wp81+wpa81
    Microsoft.Net.Http (2.2.29) - framework: portable-wp80+win+net45+wp81+wpa81
      Microsoft.Bcl (>= 1.1.10)
      Microsoft.Bcl.Build (>= 1.0.14)
    Microsoft.Owin (3.0.1)
      Owin (>= 1.0)
    Microsoft.Owin.Host.HttpListener (3.0.1)
    Microsoft.Owin.Hosting (3.0.1)
      Microsoft.Owin (>= 3.0.1)
      Owin (>= 1.0)
    Newtonsoft.Json (8.0.3) - framework: >= net45, portable-wp80+win+net45+wp81+wpa81
    Owin (1.0)
    Swashbuckle.Core (5.3.2)
      Microsoft.AspNet.WebApi.Core (>= 4.0.20710)

GROUP Test
NUGET
  remote: https://www.nuget.org/api/v2
  specs:
    FSharp.Data (2.3)
      Zlib.Portable (>= 1.11) - framework: portable-net45+sl5+win8, portable-net45+win8, portable-net45+win8+wp8+wpa81
    NUnit (3.2.1)
    NUnit.Console (3.2.1)
      NUnit.ConsoleRunner (3.2.1)
      NUnit.Extension.NUnitProjectLoader (3.2.1)
      NUnit.Extension.NUnitV2Driver (3.2.1)
      NUnit.Extension.NUnitV2ResultWriter (3.2.1)
      NUnit.Extension.VSProjectLoader (3.2.1)
    NUnit.ConsoleRunner (3.2.1)
    NUnit.Extension.NUnitProjectLoader (3.2.1)
    NUnit.Extension.NUnitV2Driver (3.2.1)
    NUnit.Extension.NUnitV2ResultWriter (3.2.1)
    NUnit.Extension.VSProjectLoader (3.2.1)
    Zlib.Portable (1.11) - framework: portable-net45+sl5+win8, portable-net45+win8, portable-net45+win8+wp8+wpa81
GITHUB
  remote: fsprojects/FsUnit
  specs:
    src/FsUnit.NUnit/FsUnitTyped.fs (a56aa15e019b044574b50b95ad14c8815a22716a)