NUGET
  remote: https://nuget.org/api/v2
  specs:
    Newtonsoft.Json (7.0.1)
    SharpYaml (1.5.2)
GITHUB
  remote: fsharp/FSharp.Data
  specs:
    src/CommonRuntime/IO.fs (7f9afca614e62ab6dc78d62bdfc415311dd0da5c)
    src/CommonRuntime/NameUtils.fs (7f9afca614e62ab6dc78d62bdfc415311dd0da5c)
    src/CommonRuntime/Pluralizer.fs (7f9afca614e62ab6dc78d62bdfc415311dd0da5c)
    src/CommonRuntime/StructuralTypes.fs (7f9afca614e62ab6dc78d62bdfc415311dd0da5c)
    src/CommonRuntime/TextConversions.fs (7f9afca614e62ab6dc78d62bdfc415311dd0da5c)
    src/Json/JsonConversions.fs (7f9afca614e62ab6dc78d62bdfc415311dd0da5c)
    src/Json/JsonExtensions.fs (7f9afca614e62ab6dc78d62bdfc415311dd0da5c)
    src/Json/JsonValue.fs (7f9afca614e62ab6dc78d62bdfc415311dd0da5c)
    src/Net/Http.fs (7f9afca614e62ab6dc78d62bdfc415311dd0da5c)
    src/Net/UriUtils.fs (7f9afca614e62ab6dc78d62bdfc415311dd0da5c)
  remote: fsprojects/FSharp.TypeProviders.StarterPack
  specs:
    src/DebugProvidedTypes.fs (f1234ba078dad7cbb674b1d1ab8b94f92f827911)
    src/ProvidedTypes.fs (f1234ba078dad7cbb674b1d1ab8b94f92f827911)
    src/ProvidedTypes.fsi (f1234ba078dad7cbb674b1d1ab8b94f92f827911)
  remote: fsprojects/FSharp.Configuration
  specs:
    src/FSharp.Configuration/TypeProviders.Helper.fs (6d80ccd126cf72d6e9d706f8262fd90e0a41f5c4)
GROUP Build
NUGET
  remote: https://nuget.org/api/v2
  specs:
    FAKE (4.11.0)
    FSharp.Compiler.Service (1.4.0.6)
    FSharp.Formatting (2.12.0)
      FSharp.Compiler.Service (1.4.0.6)
      FSharpVSPowerTools.Core (2.1.0)
    FSharpVSPowerTools.Core (2.1.0)
      FSharp.Compiler.Service (>= 1.4.0.6)
    Microsoft.Bcl (1.1.10)
      Microsoft.Bcl.Build (>= 1.0.14)
    Microsoft.Bcl.Build (1.0.21) - import_targets: false
    Microsoft.Net.Http (2.2.29)
      Microsoft.Bcl (>= 1.1.10)
      Microsoft.Bcl.Build (>= 1.0.14)
    Octokit (0.17.0)
      Microsoft.Net.Http
    SourceLink.Fake (1.1.0)
GITHUB
  remote: fsharp/FAKE
  specs:
    modules/Octokit/Octokit.fsx (821e264e79dbe73a5e67f00defd60265646b37b9)
      Octokit
GROUP OWIN
NUGET
  remote: https://nuget.org/api/v2
  specs:
    Microsoft.AspNet.WebApi.Client (5.2.3)
      Microsoft.Net.Http (>= 2.2.22) - framework: portable-wp80+win+net45+wp81+wpa81
      Newtonsoft.Json (>= 6.0.4) - framework: >= net45, portable-wp80+win+net45+wp81+wpa81
    Microsoft.AspNet.WebApi.Core (5.2.3)
      Microsoft.AspNet.WebApi.Client (>= 5.2.3)
    Microsoft.AspNet.WebApi.Owin (5.2.3)
      Microsoft.AspNet.WebApi.Core (>= 5.2.3 < 5.3.0)
      Microsoft.Owin (>= 2.0.2)
      Owin (>= 1.0)
    Microsoft.AspNet.WebApi.OwinSelfHost (5.2.3)
      Microsoft.AspNet.WebApi.Owin (>= 5.2.3 < 5.3.0)
      Microsoft.Owin.Host.HttpListener (>= 2.0.2)
      Microsoft.Owin.Hosting (>= 2.0.2)
    Microsoft.Bcl (1.1.10) - framework: portable-wp80+win+net45+wp81+wpa81
      Microsoft.Bcl.Build (>= 1.0.14)
    Microsoft.Bcl.Build (1.0.21) - import_targets: false, framework: portable-wp80+win+net45+wp81+wpa81
    Microsoft.Net.Http (2.2.29) - framework: portable-wp80+win+net45+wp81+wpa81
      Microsoft.Bcl (>= 1.1.10)
      Microsoft.Bcl.Build (>= 1.0.14)
    Microsoft.Owin (3.0.1)
      Owin (>= 1.0)
    Microsoft.Owin.Host.HttpListener (3.0.1)
    Microsoft.Owin.Hosting (3.0.1)
      Microsoft.Owin (>= 3.0.1)
      Owin (>= 1.0)
    Newtonsoft.Json (7.0.1) - framework: portable-wp80+win+net45+wp81+wpa81, >= net45
    Owin (1.0.0)
    Swashbuckle.Core (5.2.2)
      Microsoft.AspNet.WebApi.Core (>= 4.0.20710)

GROUP Test
NUGET
  remote: https://nuget.org/api/v2
  specs:
    FSharp.Data (2.2.5)
      Zlib.Portable (>= 1.10.0) - framework: portable-net40+sl50+wp80+win80
    NUnit (2.6.4)
    NUnit.Runners (2.6.4)
    Zlib.Portable (1.11.0) - framework: portable-net40+sl50+wp80+win80
GITHUB
  remote: fsprojects/FsUnit
  specs:
    src/FsUnit.NUnit/FsUnit.fs (a764385c4610c882ccf1063548d84ab33d7fba76)