RESTRICTION: >= net45
NUGET
  remote: https://www.nuget.org/api/v2
    FSharp.Core (4.0.0.1)
    Newtonsoft.Json (10.0.3)
    YamlDotNet (4.2.2)
GITHUB
  remote: fsharp/FSharp.Data
    src/CommonRuntime/IO.fs (781b8e65d1ad689360bb598d73b3feb9859f44fc)
    src/CommonRuntime/NameUtils.fs (781b8e65d1ad689360bb598d73b3feb9859f44fc)
    src/CommonRuntime/Pluralizer.fs (781b8e65d1ad689360bb598d73b3feb9859f44fc)
    src/CommonRuntime/StructuralTypes.fs (781b8e65d1ad689360bb598d73b3feb9859f44fc)
    src/CommonRuntime/TextConversions.fs (781b8e65d1ad689360bb598d73b3feb9859f44fc)
    src/Json/JsonConversions.fs (781b8e65d1ad689360bb598d73b3feb9859f44fc)
    src/Json/JsonExtensions.fs (781b8e65d1ad689360bb598d73b3feb9859f44fc)
    src/Json/JsonValue.fs (781b8e65d1ad689360bb598d73b3feb9859f44fc)
    src/Net/Http.fs (781b8e65d1ad689360bb598d73b3feb9859f44fc)
    src/Net/UriUtils.fs (781b8e65d1ad689360bb598d73b3feb9859f44fc)
  remote: fsprojects/FSharp.TypeProviders.SDK
    src/ProvidedTypes.fs (27232ac95fa6f91f136e01b23f38dda34d0f3dc4)
    src/ProvidedTypes.fsi (27232ac95fa6f91f136e01b23f38dda34d0f3dc4)
    src/ProvidedTypesTesting.fs (27232ac95fa6f91f136e01b23f38dda34d0f3dc4)
GROUP Build
RESTRICTION: == net45
NUGET
  remote: https://www.nuget.org/api/v2
    DotLiquid (2.0.200)
    FAKE (4.63.2)
    FSharp.Compiler.Service (2.0.0.6)
    FSharp.Core (4.2.3)
    FSharp.Formatting (2.14.4)
      FSharp.Compiler.Service (2.0.0.6)
      FSharpVSPowerTools.Core (>= 2.3 < 2.4)
    FSharpVSPowerTools.Core (2.3)
      FSharp.Compiler.Service (>= 2.0.0.3)
    Octokit (0.27)
    Suave (2.2.1)
      FSharp.Core (>= 4.0.0.1)
GITHUB
  remote: fsharp/FAKE
    modules/Octokit/Octokit.fsx (838f43e1e6ac18014b2515799fe7fa0e23186fbc)
      Octokit (>= 0.20)
GROUP OWIN
RESTRICTION: == net461
NUGET
  remote: https://www.nuget.org/api/v2
    FSharp.Core (4.2.3) - redirects: force
    Microsoft.AspNet.WebApi.Client (5.2.3)
      Newtonsoft.Json (>= 6.0.4)
    Microsoft.AspNet.WebApi.Core (5.2.3)
      Microsoft.AspNet.WebApi.Client (>= 5.2.3)
    Microsoft.AspNet.WebApi.Owin (5.2.3)
      Microsoft.AspNet.WebApi.Core (>= 5.2.3 < 5.3)
      Microsoft.Owin (>= 2.0.2)
      Owin (>= 1.0)
    Microsoft.AspNet.WebApi.OwinSelfHost (5.2.3)
      Microsoft.AspNet.WebApi.Owin (>= 5.2.3 < 5.3)
      Microsoft.Owin.Host.HttpListener (>= 2.0.2)
      Microsoft.Owin.Hosting (>= 2.0.2)
    Microsoft.Owin (3.1)
      Owin (>= 1.0)
    Microsoft.Owin.Host.HttpListener (3.1)
    Microsoft.Owin.Hosting (3.1)
      Microsoft.Owin (>= 3.1)
      Owin (>= 1.0)
    Newtonsoft.Json (10.0.3)
    Owin (1.0)
    Swashbuckle.Core (5.6)
      Microsoft.AspNet.WebApi.Core (>= 4.0.20710)
      Newtonsoft.Json (>= 7.0.1)

GROUP Test
RESTRICTION: == net461
NUGET
  remote: https://www.nuget.org/api/v2
    Argu (3.7)
    Expecto (5.0.1)
      Argu (>= 3.7)
      FSharp.Core (>= 4.1.12)
      Mono.Cecil (>= 0.10.0-beta5)
    FSharp.Compiler.Service (16.0.2)
      System.Collections.Immutable (>= 1.3.1)
      System.Reflection.Metadata (>= 1.4.2)
    FSharp.Core (4.2.3) - redirects: force
    FSharp.Data (2.4.2)
    Microsoft.NETCore.Platforms (2.0)
    Mono.Cecil (0.10.0-beta6)
    NETStandard.Library (2.0.1)
      Microsoft.NETCore.Platforms (>= 1.1)
    System.Collections.Immutable (1.4)
      NETStandard.Library (>= 1.6.1)
    System.Reflection.Metadata (1.5)
      NETStandard.Library (>= 1.6.1)
      System.Collections.Immutable (>= 1.4)
