RESTRICTION: >= net45
NUGET
  remote: https://www.nuget.org/api/v2
    FSharp.Core (4.0.0.1)
    Newtonsoft.Json (10.0.3)
    YamlDotNet (4.2.4)
GITHUB
  remote: fsharp/FSharp.Data
    src/CommonRuntime/NameUtils.fs (f000cc1a9ba19e5187b5828acbdc66a701142eb4)
    src/CommonRuntime/Pluralizer.fs (f000cc1a9ba19e5187b5828acbdc66a701142eb4)
    src/Net/Http.fs (f000cc1a9ba19e5187b5828acbdc66a701142eb4)
    src/Net/UriUtils.fs (f000cc1a9ba19e5187b5828acbdc66a701142eb4)
  remote: fsprojects/FSharp.TypeProviders.SDK
    src/ProvidedTypes.fs (b6d5c949e46c34f051e2adf88170e1a2d20cbfd9)
    src/ProvidedTypes.fsi (b6d5c949e46c34f051e2adf88170e1a2d20cbfd9)
GROUP Build
RESTRICTION: == net461
NUGET
  remote: https://www.nuget.org/api/v2
    DotLiquid (2.0.254)
    FAKE (4.64.4)
    FSharp.Compiler.Service (2.0.0.6)
    FSharp.Core (4.2.3)
    FSharp.Formatting (2.14.4)
      FSharp.Compiler.Service (2.0.0.6)
      FSharpVSPowerTools.Core (>= 2.3 < 2.4)
    FSharpVSPowerTools.Core (2.3)
      FSharp.Compiler.Service (>= 2.0.0.3)
    Octokit (0.28)
    Suave (2.2.1)
      FSharp.Core (>= 4.0.0.1)
GITHUB
  remote: fsharp/FAKE
    modules/Octokit/Octokit.fsx (51a7cae12acc7292db4623ae0e3cc3a2ce6ca1c9)
      Octokit (>= 0.20)
GROUP OWIN
RESTRICTION: == net461
NUGET
  remote: https://www.nuget.org/api/v2
    FSharp.Core (4.2.3) - redirects: force
    Microsoft.AspNet.WebApi.Client (5.2.3)
      Newtonsoft.Json (>= 6.0.4)
    Microsoft.AspNet.WebApi.Core (5.2.3)
      Microsoft.AspNet.WebApi.Client (>= 5.2.3)
    Microsoft.AspNet.WebApi.Owin (5.2.3)
      Microsoft.AspNet.WebApi.Core (>= 5.2.3 < 5.3)
      Microsoft.Owin (>= 2.0.2)
      Owin (>= 1.0)
    Microsoft.AspNet.WebApi.OwinSelfHost (5.2.3)
      Microsoft.AspNet.WebApi.Owin (>= 5.2.3 < 5.3)
      Microsoft.Owin.Host.HttpListener (>= 2.0.2)
      Microsoft.Owin.Hosting (>= 2.0.2)
    Microsoft.Owin (3.1)
      Owin (>= 1.0)
    Microsoft.Owin.Host.HttpListener (3.1)
    Microsoft.Owin.Hosting (3.1)
      Microsoft.Owin (>= 3.1)
      Owin (>= 1.0)
    Newtonsoft.Json (10.0.3)
    Owin (1.0)
    Swashbuckle.Core (5.6)
      Microsoft.AspNet.WebApi.Core (>= 4.0.20710)
      Newtonsoft.Json (>= 7.0.1)

GROUP Test
RESTRICTION: == net461
NUGET
  remote: https://www.nuget.org/api/v2
    Argu (4.2.1)
      FSharp.Core (>= 3.1.2)
    Expecto (5.1.2)
      Argu (>= 3.7)
      FSharp.Core (>= 4.1.18)
      Mono.Cecil (>= 0.10.0-beta7)
      System.ValueTuple (>= 4.4)
    FSharp.Compiler.Service (17.0.1)
      System.Collections.Immutable (>= 1.3.1)
      System.Reflection.Metadata (>= 1.4.2)
    FSharp.Core (4.2.3) - redirects: force
    Microsoft.NETCore.Platforms (2.0.1)
    Mono.Cecil (0.10.0-beta7)
    NETStandard.Library (2.0.1)
      Microsoft.NETCore.Platforms (>= 1.1)
    System.Collections.Immutable (1.4)
      NETStandard.Library (>= 1.6.1)
    System.Reflection.Metadata (1.5)
      NETStandard.Library (>= 1.6.1)
      System.Collections.Immutable (>= 1.4)
    System.ValueTuple (4.4)
