RESTRICTION: >= net45
NUGET
  remote: https://www.nuget.org/api/v2
    FSharp.Core (4.0.0.1)
    Newtonsoft.Json (10.0.3)
    YamlDotNet (4.2.1)
GITHUB
  remote: fsharp/FSharp.Data
    src/CommonRuntime/IO.fs (b55bf1e69dc77e45a9ca2cea1ff19848c3a76276)
    src/CommonRuntime/NameUtils.fs (b55bf1e69dc77e45a9ca2cea1ff19848c3a76276)
    src/CommonRuntime/Pluralizer.fs (b55bf1e69dc77e45a9ca2cea1ff19848c3a76276)
    src/CommonRuntime/StructuralTypes.fs (b55bf1e69dc77e45a9ca2cea1ff19848c3a76276)
    src/CommonRuntime/TextConversions.fs (b55bf1e69dc77e45a9ca2cea1ff19848c3a76276)
    src/Json/JsonConversions.fs (b55bf1e69dc77e45a9ca2cea1ff19848c3a76276)
    src/Json/JsonExtensions.fs (b55bf1e69dc77e45a9ca2cea1ff19848c3a76276)
    src/Json/JsonValue.fs (b55bf1e69dc77e45a9ca2cea1ff19848c3a76276)
    src/Net/Http.fs (b55bf1e69dc77e45a9ca2cea1ff19848c3a76276)
    src/Net/UriUtils.fs (b55bf1e69dc77e45a9ca2cea1ff19848c3a76276)
  remote: fsprojects/FSharp.TypeProviders.StarterPack
    src/ProvidedTypes.fs (1dab4f94411500794342f61f877feab772e5a754)
    src/ProvidedTypes.fsi (1dab4f94411500794342f61f877feab772e5a754)
    src/ProvidedTypesTesting.fs (1dab4f94411500794342f61f877feab772e5a754)
  remote: fsprojects/FSharp.Configuration
    src/FSharp.Configuration/TypeProviders.Helper.fs (2bd57b3043efc44d1f9b74f9942159a3853291d1)
GROUP Build
RESTRICTION: == net45
NUGET
  remote: https://www.nuget.org/api/v2
    DotLiquid (2.0.145)
    FAKE (4.61.3)
    FSharp.Compiler.Service (2.0.0.6)
    FSharp.Core (4.2.1)
    FSharp.Formatting (2.14.4)
      FSharp.Compiler.Service (2.0.0.6)
      FSharpVSPowerTools.Core (>= 2.3 < 2.4)
    FSharpVSPowerTools.Core (2.3)
      FSharp.Compiler.Service (>= 2.0.0.3)
    Octokit (0.24)
    Suave (2.1.1)
      FSharp.Core (>= 4.0.0.1)
GITHUB
  remote: fsharp/FAKE
    modules/Octokit/Octokit.fsx (15e1b741f4ae9fbaad640a65231dfcec28ce6ddd)
      Octokit (>= 0.20)
GROUP OWIN
RESTRICTION: == net461
NUGET
  remote: https://www.nuget.org/api/v2
    FSharp.Core (4.2.1) - redirects: force
    Microsoft.AspNet.WebApi.Client (5.2.3)
      Newtonsoft.Json (>= 6.0.4)
    Microsoft.AspNet.WebApi.Core (5.2.3)
      Microsoft.AspNet.WebApi.Client (>= 5.2.3)
    Microsoft.AspNet.WebApi.Owin (5.2.3)
      Microsoft.AspNet.WebApi.Core (>= 5.2.3 < 5.3)
      Microsoft.Owin (>= 2.0.2)
      Owin (>= 1.0)
    Microsoft.AspNet.WebApi.OwinSelfHost (5.2.3)
      Microsoft.AspNet.WebApi.Owin (>= 5.2.3 < 5.3)
      Microsoft.Owin.Host.HttpListener (>= 2.0.2)
      Microsoft.Owin.Hosting (>= 2.0.2)
    Microsoft.Owin (3.1)
      Owin (>= 1.0)
    Microsoft.Owin.Host.HttpListener (3.1)
    Microsoft.Owin.Hosting (3.1)
      Microsoft.Owin (>= 3.1)
      Owin (>= 1.0)
    Newtonsoft.Json (10.0.3)
    Owin (1.0)
    Swashbuckle.Core (5.5.3)
      Microsoft.AspNet.WebApi.Core (>= 4.0.20710)

GROUP Test
RESTRICTION: == net461
NUGET
  remote: https://www.nuget.org/api/v2
    Argu (3.7)
    Expecto (5.0)
      Argu (>= 3.7)
      FSharp.Core (>= 4.1.12)
      Mono.Cecil (>= 0.10.0-beta5)
    FSharp.Compiler.Service (12.0.8)
      System.Collections.Immutable (>= 1.3.1)
      System.Reflection.Metadata (>= 1.4.2)
    FSharp.Core (4.2.1) - redirects: force
    FSharp.Data (2.3.3)
    Mono.Cecil (0.10.0-beta6)
    System.Collections.Immutable (1.3.1)
    System.Reflection.Metadata (1.4.2)
      System.Collections.Immutable (>= 1.3.1)
