NUGET
  remote: https://www.nuget.org/api/v2
  specs:
    Newtonsoft.Json (8.0.3)
    YamlDotNet (3.8)
GITHUB
  remote: fsharp/FSharp.Data
  specs:
    src/CommonRuntime/IO.fs (2716e5a3c47ddca64f746cfd7b2c0b1f3248717f)
    src/CommonRuntime/NameUtils.fs (2716e5a3c47ddca64f746cfd7b2c0b1f3248717f)
    src/CommonRuntime/Pluralizer.fs (2716e5a3c47ddca64f746cfd7b2c0b1f3248717f)
    src/CommonRuntime/StructuralTypes.fs (2716e5a3c47ddca64f746cfd7b2c0b1f3248717f)
    src/CommonRuntime/TextConversions.fs (2716e5a3c47ddca64f746cfd7b2c0b1f3248717f)
    src/Json/JsonConversions.fs (2716e5a3c47ddca64f746cfd7b2c0b1f3248717f)
    src/Json/JsonExtensions.fs (2716e5a3c47ddca64f746cfd7b2c0b1f3248717f)
    src/Json/JsonValue.fs (2716e5a3c47ddca64f746cfd7b2c0b1f3248717f)
    src/Net/Http.fs (2716e5a3c47ddca64f746cfd7b2c0b1f3248717f)
    src/Net/UriUtils.fs (2716e5a3c47ddca64f746cfd7b2c0b1f3248717f)
  remote: fsprojects/FSharp.TypeProviders.StarterPack
  specs:
    src/ProvidedTypes.fs (efc98fd681d2b4247b015d33e3ad5ff87bd16240)
    src/ProvidedTypes.fsi (efc98fd681d2b4247b015d33e3ad5ff87bd16240)
    src/ProvidedTypesTesting.fs (efc98fd681d2b4247b015d33e3ad5ff87bd16240)
  remote: fsprojects/FSharp.Configuration
  specs:
    src/FSharp.Configuration/TypeProviders.Helper.fs (763182e36f2dbd30e99743eb595019efda1b7697)
GROUP Build
NUGET
  remote: https://www.nuget.org/api/v2
  specs:
    FAKE (4.25.5)
    FSharp.Compiler.Service (2.0.0.6)
    FSharp.Formatting (2.14.2)
      FSharp.Compiler.Service (2.0.0.6)
      FSharpVSPowerTools.Core (>= 2.3 < 2.4)
    FSharpVSPowerTools.Core (2.3)
      FSharp.Compiler.Service (>= 2.0.0.3)
    Microsoft.Bcl (1.1.10) - framework: net10, net11, net20, net30, net35, net40, net40-full
      Microsoft.Bcl.Build (>= 1.0.14)
    Microsoft.Bcl.Build (1.0.21) - import_targets: false, framework: net10, net11, net20, net30, net35, net40, net40-full
    Microsoft.Net.Http (2.2.29) - framework: net10, net11, net20, net30, net35, net40, net40-full
      Microsoft.Bcl (>= 1.1.10)
      Microsoft.Bcl.Build (>= 1.0.14)
    Octokit (0.19)
      Microsoft.Net.Http  - framework: net10, net11, net20, net30, net35, net40, net40-full
    SourceLink.Fake (1.1)
GITHUB
  remote: fsharp/FAKE
  specs:
    modules/Octokit/Octokit.fsx (26cd2e6430a3ada972fa37a5a65606b2f7f427e3)
      Octokit
GROUP OWIN
NUGET
  remote: https://www.nuget.org/api/v2
  specs:
    Microsoft.AspNet.WebApi.Client (5.2.3)
      Microsoft.Net.Http (>= 2.2.22) - framework: portable-wp80+win+net45+wp81+wpa81
      Newtonsoft.Json (>= 6.0.4) - framework: >= net45, portable-wp80+win+net45+wp81+wpa81
    Microsoft.AspNet.WebApi.Core (5.2.3)
      Microsoft.AspNet.WebApi.Client (>= 5.2.3)
    Microsoft.AspNet.WebApi.Owin (5.2.3)
      Microsoft.AspNet.WebApi.Core (>= 5.2.3 < 5.3)
      Microsoft.Owin (>= 2.0.2)
      Owin (>= 1.0)
    Microsoft.AspNet.WebApi.OwinSelfHost (5.2.3)
      Microsoft.AspNet.WebApi.Owin (>= 5.2.3 < 5.3)
      Microsoft.Owin.Host.HttpListener (>= 2.0.2)
      Microsoft.Owin.Hosting (>= 2.0.2)
    Microsoft.Bcl (1.1.10) - framework: portable-wp80+win+net45+wp81+wpa81
      Microsoft.Bcl.Build (>= 1.0.14)
    Microsoft.Bcl.Build (1.0.21) - import_targets: false, framework: portable-wp80+win+net45+wp81+wpa81
    Microsoft.Net.Http (2.2.29) - framework: portable-wp80+win+net45+wp81+wpa81
      Microsoft.Bcl (>= 1.1.10)
      Microsoft.Bcl.Build (>= 1.0.14)
    Microsoft.Owin (3.0.1)
      Owin (>= 1.0)
    Microsoft.Owin.Host.HttpListener (3.0.1)
    Microsoft.Owin.Hosting (3.0.1)
      Microsoft.Owin (>= 3.0.1)
      Owin (>= 1.0)
    Newtonsoft.Json (8.0.3) - framework: >= net45, portable-wp80+win+net45+wp81+wpa81
    Owin (1.0)
    Swashbuckle.Core (5.3.2)
      Microsoft.AspNet.WebApi.Core (>= 4.0.20710)

GROUP Test
NUGET
  remote: https://www.nuget.org/api/v2
  specs:
    FSharp.Data (2.2.5)
      Zlib.Portable (>= 1.10) - framework: portable-net40+sl50+wp80+win80
    NUnit (3.2.1)
    NUnit.Console (3.2.1)
      NUnit.ConsoleRunner (3.2.1)
      NUnit.Extension.NUnitProjectLoader (3.2.1)
      NUnit.Extension.NUnitV2Driver (3.2.1)
      NUnit.Extension.NUnitV2ResultWriter (3.2.1)
      NUnit.Extension.VSProjectLoader (3.2.1)
    NUnit.ConsoleRunner (3.2.1)
    NUnit.Extension.NUnitProjectLoader (3.2.1)
    NUnit.Extension.NUnitV2Driver (3.2.1)
    NUnit.Extension.NUnitV2ResultWriter (3.2.1)
    NUnit.Extension.VSProjectLoader (3.2.1)
    Zlib.Portable (1.11) - framework: portable-net40+sl50+wp80+win80
GITHUB
  remote: fsprojects/FsUnit
  specs:
    src/FsUnit.NUnit/FsUnitTyped.fs (43086ca8981c7642c1067ad5e9de80caf73ba4ec)