RESTRICTION: >= net461
NUGET
  remote: https://www.nuget.org/api/v2
    FSharp.Core (4.3.4)
    Microsoft.OpenApi (1.0.0-beta016)
    Microsoft.OpenApi.Readers (1.0.0-beta016)
      Microsoft.OpenApi (>= 1.0.0-beta016)
      SharpYaml (>= 1.6.1)
    Newtonsoft.Json (11.0.2)
    SharpYaml (1.6.2)
    System.Configuration.ConfigurationManager (4.4.1)
    YamlDotNet (4.3.1)
GITHUB
  remote: fsharp/FSharp.Data
    src/CommonRuntime/NameUtils.fs (bccaab8303b9060090f158cee7f12ff5433f51cb)
    src/CommonRuntime/Pluralizer.fs (bccaab8303b9060090f158cee7f12ff5433f51cb)
  remote: fsprojects/FSharp.TypeProviders.SDK
    src/ProvidedTypes.fs (f0c4a6300db313eb2616c4f792cd6ae68c255e56)
    src/ProvidedTypes.fsi (f0c4a6300db313eb2616c4f792cd6ae68c255e56)
GROUP Build
RESTRICTION: == net461
NUGET
  remote: https://www.nuget.org/api/v2
    DotLiquid (2.0.262)
    FAKE (4.64.12)
    FSharp.Compiler.Service (2.0.0.6)
    FSharp.Core (4.3.4)
    FSharp.Formatting (2.14.4)
      FSharp.Compiler.Service (2.0.0.6)
      FSharpVSPowerTools.Core (>= 2.3 < 2.4)
    FSharpVSPowerTools.Core (2.3)
      FSharp.Compiler.Service (>= 2.0.0.3)
    Octokit (0.29)
    Suave (2.2.1)
      FSharp.Core (>= 4.0.0.1)
GITHUB
  remote: fsharp/FAKE
    modules/Octokit/Octokit.fsx (800579e69ce35b77345ee21923ddf117168067cd)
      Octokit (>= 0.20)
GROUP OWIN
RESTRICTION: == net461
NUGET
  remote: https://www.nuget.org/api/v2
    FSharp.Core (4.3.4) - redirects: force
    Microsoft.AspNet.WebApi.Client (5.2.4)
      Newtonsoft.Json (>= 6.0.4)
    Microsoft.AspNet.WebApi.Core (5.2.4)
      Microsoft.AspNet.WebApi.Client (>= 5.2.4)
    Microsoft.AspNet.WebApi.Owin (5.2.4)
      Microsoft.AspNet.WebApi.Core (>= 5.2.4 < 5.3)
      Microsoft.Owin (>= 2.0.2)
      Owin (>= 1.0)
    Microsoft.AspNet.WebApi.OwinSelfHost (5.2.4)
      Microsoft.AspNet.WebApi.Owin (>= 5.2.4 < 5.3)
      Microsoft.Owin.Host.HttpListener (>= 2.0.2)
      Microsoft.Owin.Hosting (>= 2.0.2)
    Microsoft.Owin (4.0)
      Owin (>= 1.0)
    Microsoft.Owin.Host.HttpListener (4.0)
    Microsoft.Owin.Hosting (4.0)
      Microsoft.Owin (>= 4.0)
      Owin (>= 1.0)
    Newtonsoft.Json (11.0.2)
    Owin (1.0)
    Swashbuckle.Core (5.6)
      Microsoft.AspNet.WebApi.Core (>= 4.0.20710)
      Newtonsoft.Json (>= 7.0.1)

GROUP Test
RESTRICTION: == net461
NUGET
  remote: https://www.nuget.org/api/v2
    Argu (5.1)
      FSharp.Core (>= 4.0.0.1)
    Expecto (7.0.1)
      Argu (>= 5.1)
      Mono.Cecil (>= 0.10)
    FSharp.Compiler.Service (22.0.3) - redirects: force
      FSharp.Core (>= 4.1.18)
      Microsoft.DiaSymReader (>= 1.1)
      Microsoft.DiaSymReader.PortablePdb (>= 1.2)
      System.Collections.Immutable (>= 1.3.1)
      System.Reflection.Metadata (>= 1.4.2)
      System.ValueTuple (>= 4.4)
    FSharp.Core (4.3.4) - redirects: force
    Microsoft.DiaSymReader (1.2) - redirects: force
      Microsoft.Net.Compilers (>= 2.3)
    Microsoft.DiaSymReader.PortablePdb (1.4) - redirects: force
      Microsoft.DiaSymReader (>= 1.2)
      System.Collections (>= 4.3)
      System.Collections.Immutable (>= 1.3.1)
      System.Diagnostics.Debug (>= 4.3)
      System.Globalization (>= 4.3)
      System.IO (>= 4.3)
      System.Linq (>= 4.3)
      System.Reflection (>= 4.3)
      System.Reflection.Metadata (>= 1.4.2)
      System.Reflection.Primitives (>= 4.3)
      System.Runtime (>= 4.3)
      System.Runtime.Extensions (>= 4.3)
      System.Runtime.InteropServices (>= 4.3)
      System.Text.Encoding (>= 4.3)
      System.Threading (>= 4.3)
    Microsoft.Net.Compilers (2.7) - redirects: force
    Microsoft.NETCore.Platforms (2.0.1) - redirects: force
    Mono.Cecil (0.10)
    NETStandard.Library (2.0.2) - redirects: force
      Microsoft.NETCore.Platforms (>= 1.1)
    System.Collections (4.3) - redirects: force
    System.Collections.Immutable (1.4) - redirects: force
      NETStandard.Library (>= 1.6.1)
    System.Diagnostics.Debug (4.3) - redirects: force
    System.Globalization (4.3) - redirects: force
    System.IO (4.3) - redirects: force
    System.Linq (4.3) - redirects: force
    System.Reflection (4.3) - redirects: force
    System.Reflection.Metadata (1.5) - redirects: force
      NETStandard.Library (>= 1.6.1)
      System.Collections.Immutable (>= 1.4)
    System.Reflection.Primitives (4.3) - redirects: force
    System.Runtime (4.3) - redirects: force
    System.Runtime.Extensions (4.3) - redirects: force
    System.Runtime.InteropServices (4.3) - redirects: force
    System.Text.Encoding (4.3) - redirects: force
    System.Threading (4.3) - redirects: force
    System.ValueTuple (4.4) - redirects: force
