FRAMEWORK: >= NET45
NUGET
  remote: https://www.nuget.org/api/v2
    Newtonsoft.Json (9.0.1)
    YamlDotNet (4.1)
GITHUB
  remote: fsharp/FSharp.Data
    src/CommonRuntime/IO.fs (8aa6e7fea6fa826b6fd9e89478d9cb2c32cda57a)
    src/CommonRuntime/NameUtils.fs (8aa6e7fea6fa826b6fd9e89478d9cb2c32cda57a)
    src/CommonRuntime/Pluralizer.fs (8aa6e7fea6fa826b6fd9e89478d9cb2c32cda57a)
    src/CommonRuntime/StructuralTypes.fs (8aa6e7fea6fa826b6fd9e89478d9cb2c32cda57a)
    src/CommonRuntime/TextConversions.fs (8aa6e7fea6fa826b6fd9e89478d9cb2c32cda57a)
    src/Json/JsonConversions.fs (8aa6e7fea6fa826b6fd9e89478d9cb2c32cda57a)
    src/Json/JsonExtensions.fs (8aa6e7fea6fa826b6fd9e89478d9cb2c32cda57a)
    src/Json/JsonValue.fs (8aa6e7fea6fa826b6fd9e89478d9cb2c32cda57a)
    src/Net/Http.fs (8aa6e7fea6fa826b6fd9e89478d9cb2c32cda57a)
    src/Net/UriUtils.fs (8aa6e7fea6fa826b6fd9e89478d9cb2c32cda57a)
  remote: fsprojects/FSharp.TypeProviders.StarterPack
    src/ProvidedTypes.fs (2bf9330417734c6e4976691bc88c9335f2337c6e)
    src/ProvidedTypes.fsi (2bf9330417734c6e4976691bc88c9335f2337c6e)
    src/ProvidedTypesTesting.fs (2bf9330417734c6e4976691bc88c9335f2337c6e)
  remote: fsprojects/FSharp.Configuration
    src/FSharp.Configuration/TypeProviders.Helper.fs (bc5ec3a8537a79f81ddc9f90eccdc37e383535ad)
GROUP Build
FRAMEWORK: NET45
NUGET
  remote: https://www.nuget.org/api/v2
    DotLiquid (2.0.64)
    FAKE (4.50.1)
    FSharp.Compiler.Service (2.0.0.6)
    FSharp.Core (4.1)
      System.ValueTuple (>= 4.3)
    FSharp.Formatting (2.14.4)
      FSharp.Compiler.Service (2.0.0.6)
      FSharpVSPowerTools.Core (>= 2.3 < 2.4)
    FSharpVSPowerTools.Core (2.3)
      FSharp.Compiler.Service (>= 2.0.0.3)
    Octokit (0.24)
    Suave (2.0.4)
      FSharp.Core (>= 4.0.0.1)
    System.ValueTuple (4.3)
GITHUB
  remote: fsharp/FAKE
    modules/Octokit/Octokit.fsx (33e702f6c220f3facaf41f20dae03a912eeebf9a)
      Octokit (>= 0.20)
GROUP OWIN
FRAMEWORK: NET45
NUGET
  remote: https://www.nuget.org/api/v2
    FSharp.Core (4.0.0.1) - redirects: force
    Microsoft.AspNet.WebApi.Client (5.2.3)
      Newtonsoft.Json (>= 6.0.4)
    Microsoft.AspNet.WebApi.Core (5.2.3)
      Microsoft.AspNet.WebApi.Client (>= 5.2.3)
    Microsoft.AspNet.WebApi.Owin (5.2.3)
      Microsoft.AspNet.WebApi.Core (>= 5.2.3 < 5.3)
      Microsoft.Owin (>= 2.0.2)
      Owin (>= 1.0)
    Microsoft.AspNet.WebApi.OwinSelfHost (5.2.3)
      Microsoft.AspNet.WebApi.Owin (>= 5.2.3 < 5.3)
      Microsoft.Owin.Host.HttpListener (>= 2.0.2)
      Microsoft.Owin.Hosting (>= 2.0.2)
    Microsoft.Owin (3.0.1)
      Owin (>= 1.0)
    Microsoft.Owin.Host.HttpListener (3.0.1)
    Microsoft.Owin.Hosting (3.0.1)
      Microsoft.Owin (>= 3.0.1)
      Owin (>= 1.0)
    Newtonsoft.Json (9.0.1)
    Owin (1.0)
    Swashbuckle.Core (5.5.3)
      Microsoft.AspNet.WebApi.Core (>= 4.0.20710)

GROUP Test
FRAMEWORK: NET45
NUGET
  remote: https://www.nuget.org/api/v2
    Argu (3.7)
    Expecto (4.0.3)
      Argu (>= 3.2)
      FSharp.Core (>= 3.1.2.5)
      Mono.Cecil (>= 0.9.6.4)
    FSharp.Compiler.Service (10.0.3)
      System.Collections.Immutable (>= 1.2)
      System.Reflection.Metadata (>= 1.4.1-beta-24227-04)
    FSharp.Core (4.0.0.1) - redirects: force
    FSharp.Data (2.3.2)
    Mono.Cecil (0.9.6.4)
    System.Collections.Immutable (1.3.1)
    System.Reflection.Metadata (1.4.2)
      System.Collections.Immutable (>= 1.3.1)
