NUGET
  remote: https://nuget.org/api/v2
  specs:
    Newtonsoft.Json (7.0.1)
GITHUB
  remote: fsharp/FSharp.Data
  specs:
    src/CommonRuntime/IO.fs (88ef75bb7a3e3638453a6e361eddb0e57cc8c409)
    src/CommonRuntime/NameUtils.fs (88ef75bb7a3e3638453a6e361eddb0e57cc8c409)
    src/CommonRuntime/Pluralizer.fs (88ef75bb7a3e3638453a6e361eddb0e57cc8c409)
    src/CommonRuntime/StructuralTypes.fs (88ef75bb7a3e3638453a6e361eddb0e57cc8c409)
    src/CommonRuntime/TextConversions.fs (88ef75bb7a3e3638453a6e361eddb0e57cc8c409)
    src/Json/JsonConversions.fs (88ef75bb7a3e3638453a6e361eddb0e57cc8c409)
    src/Json/JsonExtensions.fs (88ef75bb7a3e3638453a6e361eddb0e57cc8c409)
    src/Json/JsonValue.fs (88ef75bb7a3e3638453a6e361eddb0e57cc8c409)
    src/Net/Http.fs (88ef75bb7a3e3638453a6e361eddb0e57cc8c409)
    src/Net/UriUtils.fs (88ef75bb7a3e3638453a6e361eddb0e57cc8c409)
  remote: fsprojects/FSharp.TypeProviders.StarterPack
  specs:
    src/ProvidedTypes.fs (f1234ba078dad7cbb674b1d1ab8b94f92f827911)
    src/ProvidedTypes.fsi (f1234ba078dad7cbb674b1d1ab8b94f92f827911)
GROUP Build
NUGET
  remote: https://nuget.org/api/v2
  specs:
    FAKE (4.7.3)
    FSharp.Compiler.Service (1.4.0.6)
    FSharp.Formatting (2.12.0)
      FSharp.Compiler.Service (1.4.0.6)
      FSharpVSPowerTools.Core (2.1.0)
    FSharpVSPowerTools.Core (2.1.0)
      FSharp.Compiler.Service (>= 1.4.0.6)
    Microsoft.Bcl (1.1.10)
      Microsoft.Bcl.Build (>= 1.0.14)
    Microsoft.Bcl.Build (1.0.21) - import_targets: false
    Microsoft.Net.Http (2.2.29)
      Microsoft.Bcl (>= 1.1.10)
      Microsoft.Bcl.Build (>= 1.0.14)
    Octokit (0.16.0)
      Microsoft.Net.Http
    SourceLink.Fake (1.1.0)
GITHUB
  remote: fsharp/FAKE
  specs:
    modules/Octokit/Octokit.fsx (2795f52947571f6f24617d506d777ef58869bceb)
      Octokit
GROUP Test
NUGET
  remote: https://nuget.org/api/v2
  specs:
    NUnit (2.6.4)
    NUnit.Runners (2.6.4)
