FRAMEWORK: >= NET45
NUGET
  remote: https://www.nuget.org/api/v2
    Newtonsoft.Json (9.0.1)
    YamlDotNet (4.0)
GITHUB
  remote: fsharp/FSharp.Data
    src/CommonRuntime/IO.fs (0b54be62da870727f2d7bd5a27ec20d1a6e35f10)
    src/CommonRuntime/NameUtils.fs (0b54be62da870727f2d7bd5a27ec20d1a6e35f10)
    src/CommonRuntime/Pluralizer.fs (0b54be62da870727f2d7bd5a27ec20d1a6e35f10)
    src/CommonRuntime/StructuralTypes.fs (0b54be62da870727f2d7bd5a27ec20d1a6e35f10)
    src/CommonRuntime/TextConversions.fs (0b54be62da870727f2d7bd5a27ec20d1a6e35f10)
    src/Json/JsonConversions.fs (0b54be62da870727f2d7bd5a27ec20d1a6e35f10)
    src/Json/JsonExtensions.fs (0b54be62da870727f2d7bd5a27ec20d1a6e35f10)
    src/Json/JsonValue.fs (0b54be62da870727f2d7bd5a27ec20d1a6e35f10)
    src/Net/Http.fs (0b54be62da870727f2d7bd5a27ec20d1a6e35f10)
    src/Net/UriUtils.fs (0b54be62da870727f2d7bd5a27ec20d1a6e35f10)
  remote: fsprojects/FSharp.TypeProviders.StarterPack
    src/ProvidedTypes.fs (252ea631e3a7d5242205d46ffdf81fc9b03de58c)
    src/ProvidedTypes.fsi (252ea631e3a7d5242205d46ffdf81fc9b03de58c)
    src/ProvidedTypesTesting.fs (252ea631e3a7d5242205d46ffdf81fc9b03de58c)
  remote: fsprojects/FSharp.Configuration
    src/FSharp.Configuration/TypeProviders.Helper.fs (bc5ec3a8537a79f81ddc9f90eccdc37e383535ad)
GROUP Build
FRAMEWORK: NET45
NUGET
  remote: https://www.nuget.org/api/v2
    DotLiquid (2.0.63)
    FAKE (4.47)
    FSharp.Compiler.Service (2.0.0.6)
    FSharp.Core (4.0.0.1)
    FSharp.Formatting (2.14.4)
      FSharp.Compiler.Service (2.0.0.6)
      FSharpVSPowerTools.Core (>= 2.3 < 2.4)
    FSharpVSPowerTools.Core (2.3)
      FSharp.Compiler.Service (>= 2.0.0.3)
    Octokit (0.23)
    Suave (1.1.3)
      FSharp.Core (>= 3.1.2.5)
GITHUB
  remote: fsharp/FAKE
    modules/Octokit/Octokit.fsx (42a23a24b5d300644cbf8d8020d415f0111c053b)
      Octokit (>= 0.20)
GROUP OWIN
FRAMEWORK: NET45
NUGET
  remote: https://www.nuget.org/api/v2
    FSharp.Core (4.0.0.1)
    Microsoft.AspNet.WebApi.Client (5.2.3)
      Newtonsoft.Json (>= 6.0.4)
    Microsoft.AspNet.WebApi.Core (5.2.3)
      Microsoft.AspNet.WebApi.Client (>= 5.2.3)
    Microsoft.AspNet.WebApi.Owin (5.2.3)
      Microsoft.AspNet.WebApi.Core (>= 5.2.3 < 5.3)
      Microsoft.Owin (>= 2.0.2)
      Owin (>= 1.0)
    Microsoft.AspNet.WebApi.OwinSelfHost (5.2.3)
      Microsoft.AspNet.WebApi.Owin (>= 5.2.3 < 5.3)
      Microsoft.Owin.Host.HttpListener (>= 2.0.2)
      Microsoft.Owin.Hosting (>= 2.0.2)
    Microsoft.Owin (3.0.1)
      Owin (>= 1.0)
    Microsoft.Owin.Host.HttpListener (3.0.1)
    Microsoft.Owin.Hosting (3.0.1)
      Microsoft.Owin (>= 3.0.1)
      Owin (>= 1.0)
    Newtonsoft.Json (9.0.1)
    Owin (1.0)
    Swashbuckle.Core (5.5.3)
      Microsoft.AspNet.WebApi.Core (>= 4.0.20710)

GROUP Test
FRAMEWORK: NET45
NUGET
  remote: https://www.nuget.org/api/v2
    FSharp.Compiler.Service (8.0)
      System.Collections.Immutable (>= 1.2)
      System.Reflection.Metadata (>= 1.4.1-beta-24227-04)
    FSharp.Data (2.3.2)
    NUnit (3.5)
    NUnit.Console (3.5)
      NUnit.ConsoleRunner (>= 3.5)
      NUnit.Extension.NUnitProjectLoader (>= 3.5)
      NUnit.Extension.NUnitV2Driver (>= 3.5)
      NUnit.Extension.NUnitV2ResultWriter (>= 3.5)
      NUnit.Extension.TeamCityEventListener (>= 1.0.2)
      NUnit.Extension.VSProjectLoader (>= 3.5)
    NUnit.ConsoleRunner (3.5)
    NUnit.Extension.NUnitProjectLoader (3.5)
    NUnit.Extension.NUnitV2Driver (3.5)
    NUnit.Extension.NUnitV2ResultWriter (3.5)
    NUnit.Extension.TeamCityEventListener (1.0.2)
    NUnit.Extension.VSProjectLoader (3.5)
    System.Collections.Immutable (1.3)
    System.Reflection.Metadata (1.4.1)
      System.Collections.Immutable (>= 1.3)
GITHUB
  remote: fsprojects/FsUnit
    src/FsUnit.NUnit/FsUnitTyped.fs (0f3e39157b43efc71ca7ad6516e7a1f4e9ee0285)