FRAMEWORK: >= NET45
NUGET
  remote: https://www.nuget.org/api/v2
    FSharp.Core (4.0.0.1)
    Newtonsoft.Json (9.0.1)
    YamlDotNet (4.2.1)
GITHUB
  remote: fsharp/FSharp.Data
    src/CommonRuntime/IO.fs (b55bf1e69dc77e45a9ca2cea1ff19848c3a76276)
    src/CommonRuntime/NameUtils.fs (b55bf1e69dc77e45a9ca2cea1ff19848c3a76276)
    src/CommonRuntime/Pluralizer.fs (b55bf1e69dc77e45a9ca2cea1ff19848c3a76276)
    src/CommonRuntime/StructuralTypes.fs (b55bf1e69dc77e45a9ca2cea1ff19848c3a76276)
    src/CommonRuntime/TextConversions.fs (b55bf1e69dc77e45a9ca2cea1ff19848c3a76276)
    src/Json/JsonConversions.fs (b55bf1e69dc77e45a9ca2cea1ff19848c3a76276)
    src/Json/JsonExtensions.fs (b55bf1e69dc77e45a9ca2cea1ff19848c3a76276)
    src/Json/JsonValue.fs (b55bf1e69dc77e45a9ca2cea1ff19848c3a76276)
    src/Net/Http.fs (b55bf1e69dc77e45a9ca2cea1ff19848c3a76276)
    src/Net/UriUtils.fs (b55bf1e69dc77e45a9ca2cea1ff19848c3a76276)
  remote: fsprojects/FSharp.TypeProviders.StarterPack
    src/ProvidedTypes.fs (1dab4f94411500794342f61f877feab772e5a754)
    src/ProvidedTypes.fsi (1dab4f94411500794342f61f877feab772e5a754)
    src/ProvidedTypesTesting.fs (1dab4f94411500794342f61f877feab772e5a754)
  remote: fsprojects/FSharp.Configuration
    src/FSharp.Configuration/TypeProviders.Helper.fs (8cfd8656ef70661f58b4de42289f6df6e0704df3)
GROUP Build
FRAMEWORK: NET45
NUGET
  remote: https://www.nuget.org/api/v2
    DotLiquid (2.0.96)
    FAKE (4.61.2)
    FSharp.Compiler.Service (2.0.0.6)
    FSharp.Core (4.1.17)
      System.ValueTuple (>= 4.3)
    FSharp.Formatting (2.14.4)
      FSharp.Compiler.Service (2.0.0.6)
      FSharpVSPowerTools.Core (>= 2.3 < 2.4)
    FSharpVSPowerTools.Core (2.3)
      FSharp.Compiler.Service (>= 2.0.0.3)
    Octokit (0.24)
    Suave (2.1)
      FSharp.Core (>= 4.0.0.1)
    System.ValueTuple (4.3.1)
GITHUB
  remote: fsharp/FAKE
    modules/Octokit/Octokit.fsx (1ada6a9c84aada940bd7e6a7b63c0dc62e2fa56e)
      Octokit (>= 0.20)
GROUP OWIN
FRAMEWORK: NET461
NUGET
  remote: https://www.nuget.org/api/v2
    FSharp.Core (4.1.17) - redirects: force
      System.ValueTuple (>= 4.3)
    Microsoft.AspNet.WebApi.Client (5.2.3)
      Newtonsoft.Json (>= 6.0.4)
    Microsoft.AspNet.WebApi.Core (5.2.3)
      Microsoft.AspNet.WebApi.Client (>= 5.2.3)
    Microsoft.AspNet.WebApi.Owin (5.2.3)
      Microsoft.AspNet.WebApi.Core (>= 5.2.3 < 5.3)
      Microsoft.Owin (>= 2.0.2)
      Owin (>= 1.0)
    Microsoft.AspNet.WebApi.OwinSelfHost (5.2.3)
      Microsoft.AspNet.WebApi.Owin (>= 5.2.3 < 5.3)
      Microsoft.Owin.Host.HttpListener (>= 2.0.2)
      Microsoft.Owin.Hosting (>= 2.0.2)
    Microsoft.Owin (3.1)
      Owin (>= 1.0)
    Microsoft.Owin.Host.HttpListener (3.1)
    Microsoft.Owin.Hosting (3.1)
      Microsoft.Owin (>= 3.1)
      Owin (>= 1.0)
    Newtonsoft.Json (10.0.2)
    Owin (1.0)
    Swashbuckle.Core (5.5.3)
      Microsoft.AspNet.WebApi.Core (>= 4.0.20710)
    System.ValueTuple (4.3.1) - redirects: force

GROUP Test
FRAMEWORK: NET461
NUGET
  remote: https://www.nuget.org/api/v2
    Argu (3.7)
    Expecto (4.2.1)
      Argu (>= 3.7)
      FSharp.Core (>= 4.1.12)
      Mono.Cecil (>= 0.9.6.4)
    FSharp.Compiler.Service (12.0.8)
      System.Collections.Immutable (>= 1.3.1)
      System.Reflection.Metadata (>= 1.4.2)
    FSharp.Core (4.1.17) - redirects: force
      System.ValueTuple (>= 4.3)
    FSharp.Data (2.3.3)
    Mono.Cecil (0.9.6.4)
    System.Collections.Immutable (1.3.1)
    System.Reflection.Metadata (1.4.2)
      System.Collections.Immutable (>= 1.3.1)
    System.ValueTuple (4.3.1) - redirects: force
