NUGET
  remote: https://nuget.org/api/v2
  specs:
    FAKE (3.26.0)
    FSharp.Compiler.Service (0.0.86)
    FSharp.Formatting (2.7.5)
      FSharp.Compiler.Service (>= 0.0.82)
      FSharpVSPowerTools.Core (>= 1.7.0)
    FSharpVSPowerTools.Core (1.7.0)
      FSharp.Compiler.Service (>= 0.0.81)
    Microsoft.Bcl (1.1.10)
      Microsoft.Bcl.Build (>= 1.0.14)
    Microsoft.Bcl.Build (1.0.21)
    Microsoft.Net.Http (2.2.29)
      Microsoft.Bcl (>= 1.1.10)
      Microsoft.Bcl.Build (>= 1.0.14)
    NUnit (2.6.3)
    NUnit.Runners (2.6.3)
    Octokit (0.8.0)
      Microsoft.Net.Http
    SourceLink.Fake (0.5.0)
GITHUB
  remote: fsharp/FAKE
  specs:
    modules/Octokit/Octokit.fsx (12b839de599dd8ed448416a963025bb26b978a8d)
      Octokit
  remote: fsharp/FSharp.Data
  specs:
    src/CommonRuntime/IO.fs (68cf79763e4afc1df21c665524c9dbfd9fedec21)
    src/CommonRuntime/NameUtils.fs (68cf79763e4afc1df21c665524c9dbfd9fedec21)
    src/CommonRuntime/Pluralizer.fs (68cf79763e4afc1df21c665524c9dbfd9fedec21)
    src/CommonRuntime/StructuralTypes.fs (68cf79763e4afc1df21c665524c9dbfd9fedec21)
    src/CommonRuntime/TextConversions.fs (68cf79763e4afc1df21c665524c9dbfd9fedec21)
    src/Json/JsonConversions.fs (68cf79763e4afc1df21c665524c9dbfd9fedec21)
    src/Json/JsonExtensions.fs (68cf79763e4afc1df21c665524c9dbfd9fedec21)
    src/Json/JsonValue.fs (68cf79763e4afc1df21c665524c9dbfd9fedec21)
    src/Net/Http.fs (68cf79763e4afc1df21c665524c9dbfd9fedec21)
    src/Net/UriUtils.fs (68cf79763e4afc1df21c665524c9dbfd9fedec21)
  remote: fsprojects/FSharp.TypeProviders.StarterPack
  specs:
    src/ProvidedTypes.fs (b0a9ae57b2a1b470cecb2b5fd50833ceac989289)
    src/ProvidedTypes.fsi (b0a9ae57b2a1b470cecb2b5fd50833ceac989289)